GEM
  remote: https://rubygems.org/
  specs:
    byebug (12.0.0)
    coderay (1.1.3)
    method_source (1.1.0)
    minitest (5.25.5)
    pry (0.15.2)
      coderay (~> 1.1)
      method_source (~> 1.0)
    pry-byebug (3.11.0)
      byebug (~> 12.0)
      pry (>= 0.13, < 0.16)
    rake (13.3.0)

PLATFORMS
  ruby
  x86_64-darwin-21

DEPENDENCIES
  minitest
  pry
  pry-byebug
  rake

BUNDLED WITH
   2.6.3
